GEM
  remote: https://rubygems.org/
  specs:
    aws-sdk (1.15.0)
      json (~> 1.4)
      nokogiri (< 1.6.0)
      uuidtools (~> 2.1)
    clbustos-rtf (0.4.2)
    dirty-memoize (0.0.4)
    distribution (0.7.0)
    evidence (0.0.5)
    extendmatrix (0.3.1)
    fastercsv (1.5.5)
    gsl (1.15.3)
      narray (>= 0.5.9)
    json (1.8.0)
    minimization (0.2.1)
      text-table (~> 1.2)
    multi_json (1.7.9)
    narray (0.6.0.8)
    nokogiri (1.5.10)
    oj (2.1.4)
    prawn (0.8.4)
      prawn-core (>= 0.8.4, < 0.9)
      prawn-layout (>= 0.8.4, < 0.9)
      prawn-security (>= 0.8.4, < 0.9)
    prawn-core (0.8.4)
    prawn-layout (0.8.4)
    prawn-security (0.8.4)
    prawn-svg (0.9.1.11)
      prawn (>= 0.8.4)
    rake (10.1.0)
    rake-compiler (0.9.1)
      rake
    reportbuilder (1.4.2)
      clbustos-rtf (~> 0.4.0)
      prawn (~> 0.8.4)
      prawn-svg (~> 0.9.1)
      text-table (~> 1.2)
    rserve-client (0.2.5)
    ruby-ole (1.2.11.7)
    rubyvis (0.6.0)
    spreadsheet (0.6.9)
      ruby-ole (>= 1.0)
    statistics2 (0.54)
    statsample (1.2.0)
      dirty-memoize (~> 0.0)
      distribution (~> 0.6)
      extendmatrix (~> 0.3.1)
      fastercsv (> 0)
      minimization (~> 0.2.0)
      reportbuilder (~> 1.4)
      rserve-client (~> 0.2.5)
      rubyvis (~> 0.5)
      spreadsheet (~> 0.6.5)
      statsample-bivariate-extension (> 0)
    statsample-bivariate-extension (1.1.0)
      distribution (~> 0.6)
    statsample-optimization (2.1.1)
      gsl (~> 1.14)
      rake-compiler
      statistics2 (~> 0.54)
      statsample (~> 1.2)
    text-table (1.2.3)
    uuidtools (2.1.4)

PLATFORMS
  ruby

DEPENDENCIES
  aws-sdk
  evidence
  multi_json
  oj
  statsample
  statsample-optimization
