GEM
  remote: https://rubygems.org/
  specs:
    aws-sdk (1.25.0)
      json (~> 1.4)
      nokogiri (>= 1.4.4, < 1.6.0)
      uuidtools (~> 2.1)
    evidence (0.0.8)
    json (1.8.1)
    multi_json (1.8.2)
    nokogiri (1.5.10)
    oj (2.1.7)
    uuidtools (2.1.4)

PLATFORMS
  ruby

DEPENDENCIES
  aws-sdk
  evidence
  multi_json
  oj
